GEM
  remote: http://rubygems.org/
  specs:
    algorithms (0.6.1)
    bzip2-ruby (0.2.7)
    domain_name (0.5.24)
      unf (>= 0.0.5, < 1.0.0)
    ethon (0.7.4)
      ffi (>= 1.3.0)
    ffi (1.9.10)
    http-cookie (1.0.2)
      domain_name (~> 0.5)
    libxml-ruby (2.8.0)
    mechanize (2.7.3)
      domain_name (~> 0.5, >= 0.5.1)
      http-cookie (~> 1.0)
      mime-types (~> 2.0)
      net-http-digest_auth (~> 1.1, >= 1.1.1)
      net-http-persistent (~> 2.5, >= 2.5.2)
      nokogiri (~> 1.4)
      ntlm-http (~> 0.1, >= 0.1.1)
      webrobots (>= 0.0.9, < 0.2)
    mime-types (2.6.1)
    net-http-digest_auth (1.4)
    net-http-persistent (2.9.4)
    nokogiri (1.6.6.2)
    ntlm-http (0.1.1)
    oauth (0.4.7)
    pg (0.18.2)
    text (1.3.1)
    typhoeus (0.7.2)
      ethon (>= 0.7.4)
    unf (0.1.4)
      unf_ext
    unf_ext (0.0.7.1)
    webrobots (0.1.1)

PLATFORMS
  ruby

DEPENDENCIES
  algorithms
  bzip2-ruby
  libxml-ruby
  mechanize
  oauth
  pg
  text
  typhoeus

BUNDLED WITH
   1.10.5
